GIT
  remote: git://github.com/seuros/capistrano-puma.git
  revision: e18b30c18aceceed003e8007c268125317a17a9d
  specs:
    capistrano3-puma (2.0.0)
      capistrano (~> 3.5)
      capistrano-bundler
      puma (~> 3.4)

GEM
  remote: https://rubygems.org/
  specs:
    actioncable (5.0.2)
      actionpack (= 5.0.2)
      nio4r (>= 1.2, < 3.0)
      websocket-driver (~> 0.6.1)
    actionmailer (5.0.2)
      actionpack (= 5.0.2)
      actionview (= 5.0.2)
      activejob (= 5.0.2)
      mail (~> 2.5, >= 2.5.4)
      rails-dom-testing (~> 2.0)
    actionpack (5.0.2)
      actionview (= 5.0.2)
      activesupport (= 5.0.2)
      rack (~> 2.0)
      rack-test (~> 0.6.3)
      rails-dom-testing (~> 2.0)
      rails-html-sanitizer (~> 1.0, >= 1.0.2)
    actionview (5.0.2)
      activesupport (= 5.0.2)
      builder (~> 3.1)
      erubis (~> 2.7.0)
      rails-dom-testing (~> 2.0)
      rails-html-sanitizer (~> 1.0, >= 1.0.3)
    activejob (5.0.2)
      activesupport (= 5.0.2)
      globalid (>= 0.3.6)
    activemodel (5.0.2)
      activesupport (= 5.0.2)
    activerecord (5.0.2)
      activemodel (= 5.0.2)
      activesupport (= 5.0.2)
      arel (~> 7.0)
    activesupport (5.0.2)
      concurrent-ruby (~> 1.0, >= 1.0.2)
      i18n (~> 0.7)
      minitest (~> 5.1)
      tzinfo (~> 1.1)
    addressable (2.5.0)
      public_suffix (~> 2.0, >= 2.0.2)
    ahoy_matey (1.5.4)
      addressable
      browser (~> 2.0)
      geocoder
      rack-attack (< 6)
      railties
      referer-parser (>= 0.3.0)
      request_store
      safely_block (>= 0.1.1)
      user_agent_parser
      uuidtools
    airbrussh (1.1.2)
      sshkit (>= 1.6.1, != 1.7.0)
    arel (7.1.4)
    autoprefixer-rails (6.7.6)
      execjs
    bcrypt (3.1.11)
    binding_of_caller (0.7.2)
      debug_inspector (>= 0.0.1)
    bootstrap-sass (3.3.7)
      autoprefixer-rails (>= 5.2.1)
      sass (>= 3.3.4)
    browser (2.3.0)
    builder (3.2.3)
    byebug (9.0.6)
    capistrano (3.7.2)
      airbrussh (>= 1.0.0)
      capistrano-harrow
      i18n
      rake (>= 10.0.0)
      sshkit (>= 1.9.0)
    capistrano-bundler (1.2.0)
      capistrano (~> 3.1)
      sshkit (~> 1.2)
    capistrano-harrow (0.5.3)
    capistrano-rails (1.2.2)
      capistrano (~> 3.1)
      capistrano-bundler (~> 1.1)
    capistrano-rvm (0.1.2)
      capistrano (~> 3.0)
      sshkit (~> 1.2)
    capistrano3-delayed-job (1.7.3)
      capistrano (~> 3.0, >= 3.0.0)
      daemons (~> 1.2.4)
    capistrano3-unicorn (0.2.1)
      capistrano (~> 3.1, >= 3.1.0)
    carrierwave (1.0.0)
      activemodel (>= 4.0.0)
      activesupport (>= 4.0.0)
      mime-types (>= 1.16)
    chronic (0.10.2)
    coderay (1.1.1)
    coffee-rails (4.1.1)
      coffee-script (>= 2.2.0)
      railties (>= 4.0.0, < 5.1.x)
    coffee-script (2.4.1)
      coffee-script-source
      execjs
    coffee-script-source (1.12.2)
    concurrent-ruby (1.0.5)
    daemons (1.2.4)
    debug_inspector (0.0.2)
    delayed_job (4.1.2)
      activesupport (>= 3.0, < 5.1)
    delayed_job_active_record (4.1.1)
      activerecord (>= 3.0, < 5.1)
      delayed_job (>= 3.0, < 5)
    devise (4.2.0)
      bcrypt (~> 3.0)
      orm_adapter (~> 0.1)
      railties (>= 4.1.0, < 5.1)
      responders
      warden (~> 1.2.3)
    diff-lcs (1.3)
    errbase (0.0.3)
    erubis (2.7.0)
    eventmachine (1.0.9.1)
    execjs (2.7.0)
    factory_girl (4.8.0)
      activesupport (>= 3.0.0)
    factory_girl_rails (4.8.0)
      factory_girl (~> 4.8.0)
      railties (>= 3.0.0)
    faker (1.7.3)
      i18n (~> 0.5)
    figaro (1.1.1)
      thor (~> 0.14)
    font-awesome-rails (4.7.0.1)
      railties (>= 3.2, < 5.1)
    geocoder (1.4.3)
    globalid (0.3.7)
      activesupport (>= 4.1.0)
    haml (4.0.7)
      tilt
    i18n (0.8.1)
    innertube (1.1.0)
    jbuilder (2.6.3)
      activesupport (>= 3.0.0, < 5.2)
      multi_json (~> 1.2)
    joiner (0.3.4)
      activerecord (>= 4.1.0)
    jquery-rails (4.2.2)
      rails-dom-testing (>= 1, < 3)
      railties (>= 4.2.0)
      thor (>= 0.14, < 2.0)
    jquery-turbolinks (2.1.0)
      railties (>= 3.1.0)
      turbolinks
    jquery-ui-rails (5.0.5)
      railties (>= 3.2.16)
    json (1.8.6)
    kaminari (0.17.0)
      actionpack (>= 3.0.0)
      activesupport (>= 3.0.0)
    kgio (2.11.0)
    libv8 (3.16.14.17)
    loofah (2.0.3)
      nokogiri (>= 1.5.9)
    mail (2.6.4)
      mime-types (>= 1.16, < 4)
    mailcatcher (0.2.4)
      eventmachine
      haml
      i18n
      json
      mail
      sinatra
      skinny (>= 0.1.2)
      sqlite3-ruby
      thin
    method_source (0.8.2)
    middleware (0.1.0)
    mime-types (3.1)
      mime-types-data (~> 3.2015)
    mime-types-data (3.2016.0521)
    mini_magick (4.6.1)
    mini_portile2 (2.1.0)
    minitest (5.10.1)
    multi_json (1.12.1)
    mysql2 (0.4.5)
    nested_form (0.3.2)
    net-scp (1.2.1)
      net-ssh (>= 2.6.5)
    net-ssh (4.1.0)
    nio4r (2.0.0)
    nokogiri (1.7.0.1)
      mini_portile2 (~> 2.1.0)
    non-stupid-digest-assets (1.0.9)
      sprockets (>= 2.0)
    orm_adapter (0.5.0)
    pg (0.19.0)
    pry (0.10.4)
      coderay (~> 1.1.0)
      method_source (~> 0.8.1)
      slop (~> 3.4)
    pry-byebug (3.4.2)
      byebug (~> 9.0)
      pry (~> 0.10)
    pry-rails (0.3.5)
      pry (>= 0.9.10)
    public_suffix (2.0.5)
    puma (3.7.1)
    rack (2.0.1)
    rack-attack (5.0.1)
      rack
    rack-pjax (1.0.0)
      nokogiri (~> 1.5)
      rack (>= 1.1)
    rack-test (0.6.3)
      rack (>= 1.0)
    rails (5.0.2)
      actioncable (= 5.0.2)
      actionmailer (= 5.0.2)
      actionpack (= 5.0.2)
      actionview (= 5.0.2)
      activejob (= 5.0.2)
      activemodel (= 5.0.2)
      activerecord (= 5.0.2)
      activesupport (= 5.0.2)
      bundler (>= 1.3.0, < 2.0)
      railties (= 5.0.2)
      sprockets-rails (>= 2.0.0)
    rails-dom-testing (2.0.2)
      activesupport (>= 4.2.0, < 6.0)
      nokogiri (~> 1.6)
    rails-html-sanitizer (1.0.3)
      loofah (~> 2.0)
    rails_admin (1.1.1)
      builder (~> 3.1)
      coffee-rails (~> 4.0)
      font-awesome-rails (>= 3.0, < 5)
      haml (~> 4.0)
      jquery-rails (>= 3.0, < 5)
      jquery-ui-rails (~> 5.0)
      kaminari (~> 0.14)
      nested_form (~> 0.3)
      rack-pjax (>= 0.7)
      rails (>= 4.0, < 6)
      remotipart (~> 1.3)
      sass-rails (>= 4.0, < 6)
    railties (5.0.2)
      actionpack (= 5.0.2)
      activesupport (= 5.0.2)
      method_source
      rake (>= 0.8.7)
      thor (>= 0.18.1, < 2.0)
    raindrops (0.17.0)
    rake (12.0.0)
    rdoc (4.3.0)
    ref (2.0.0)
    referer-parser (0.3.0)
    remotipart (1.3.1)
    request_store (1.3.2)
    responders (2.3.0)
      railties (>= 4.2.0, < 5.1)
    riddle (2.1.0)
    rspec-core (3.5.4)
      rspec-support (~> 3.5.0)
    rspec-expectations (3.5.0)
      diff-lcs (>= 1.2.0, < 2.0)
      rspec-support (~> 3.5.0)
    rspec-mocks (3.5.0)
      diff-lcs (>= 1.2.0, < 2.0)
      rspec-support (~> 3.5.0)
    rspec-rails (3.5.2)
      actionpack (>= 3.0)
      activesupport (>= 3.0)
      railties (>= 3.0)
      rspec-core (~> 3.5.0)
      rspec-expectations (~> 3.5.0)
      rspec-mocks (~> 3.5.0)
      rspec-support (~> 3.5.0)
    rspec-support (3.5.0)
    safely_block (0.2.0)
      errbase
    sass (3.4.23)
    sass-rails (5.0.6)
      railties (>= 4.0.0, < 6)
      sass (~> 3.1)
      sprockets (>= 2.8, < 4.0)
      sprockets-rails (>= 2.0, < 4.0)
      tilt (>= 1.1, < 3)
    sdoc (0.4.2)
      json (~> 1.7, >= 1.7.7)
      rdoc (~> 4.0)
    shoulda-matchers (3.1.1)
      activesupport (>= 4.0.0)
    sinatra (1.0)
      rack (>= 1.0)
    skinny (0.2.4)
      eventmachine (~> 1.0.0)
      thin (>= 1.5, < 1.7)
    slim (3.0.7)
      temple (~> 0.7.6)
      tilt (>= 1.3.3, < 2.1)
    slim-rails (3.1.2)
      actionpack (>= 3.1)
      railties (>= 3.1)
      slim (~> 3.0)
    slop (3.6.0)
    spring (2.0.1)
      activesupport (>= 4.2)
    sprockets (3.7.1)
      concurrent-ruby (~> 1.0)
      rack (> 1, < 3)
    sprockets-rails (3.2.0)
      actionpack (>= 4.0)
      activesupport (>= 4.0)
      sprockets (>= 3.0.0)
    sqlite3 (1.3.13)
    sqlite3-ruby (1.3.3)
      sqlite3 (>= 1.3.3)
    sshkit (1.12.0)
      net-scp (>= 1.1.2)
      net-ssh (>= 2.8.0)
    temple (0.7.7)
    therubyracer (0.12.3)
      libv8 (~> 3.16.14.15)
      ref
    thin (1.6.2)
      daemons (>= 1.0.9)
      eventmachine (>= 1.0.0)
      rack (>= 1.0.0)
    thinking-sphinx (3.3.0)
      activerecord (>= 3.1.0)
      builder (>= 2.1.2)
      innertube (>= 1.0.2)
      joiner (>= 0.2.0)
      middleware (>= 0.1.0)
      riddle (>= 2.0.0)
    thor (0.19.4)
    thread_safe (0.3.6)
    tilt (2.0.6)
    turbolinks (5.0.1)
      turbolinks-source (~> 5)
    turbolinks-source (5.0.0)
    tzinfo (1.2.2)
      thread_safe (~> 0.1)
    uglifier (3.1.3)
      execjs (>= 0.3.0, < 3)
    unicorn (5.2.0)
      kgio (~> 2.6)
      raindrops (~> 0.7)
    user_agent_parser (2.3.0)
    uuidtools (2.1.5)
    warden (1.2.7)
      rack (>= 1.0)
    web-console (2.3.0)
      activemodel (>= 4.0)
      binding_of_caller (>= 0.7.2)
      railties (>= 4.0)
      sprockets-rails (>= 2.0, < 4.0)
    websocket-driver (0.6.5)
      websocket-extensions (>= 0.1.0)
    websocket-extensions (0.1.2)
    whenever (0.9.7)
      chronic (>= 0.6.3)

PLATFORMS
  ruby

DEPENDENCIES
  ahoy_matey
  bootstrap-sass (~> 3.3.6)
  byebug
  capistrano
  capistrano-bundler
  capistrano-rails
  capistrano-rvm
  capistrano3-delayed-job
  capistrano3-puma!
  capistrano3-unicorn
  carrierwave (>= 1.0.0.rc, < 2.0)
  coffee-rails (~> 4.1.0)
  daemons
  delayed_job_active_record
  devise
  factory_girl_rails
  faker
  figaro
  font-awesome-rails
  jbuilder (~> 2.0)
  jquery-rails
  jquery-turbolinks
  mailcatcher
  mini_magick
  mysql2
  non-stupid-digest-assets
  pg (~> 0.15)
  pry-byebug
  pry-rails
  puma
  rails (~> 5.0.2)
  rails_admin
  rspec-rails
  sass-rails (~> 5.0)
  sdoc (~> 0.4.0)
  shoulda-matchers (~> 3.1)
  slim-rails
  spring
  therubyracer
  thinking-sphinx (~> 3.3.0)
  turbolinks (~> 5.0.1)
  uglifier (>= 1.3.0)
  unicorn
  web-console (~> 2.0)
  whenever

BUNDLED WITH
   1.14.3
